GEM
  remote: https://rubygems.org/
  specs:
    dotenv (0.9.0)
    influxdb (0.1.8)
      json
    json (1.8.1)
    pusher-client (0.6.0)
      json
      websocket (~> 1.0)
    rake (10.3.2)
    websocket (1.2.1)

PLATFORMS
  ruby

DEPENDENCIES
  dotenv
  influxdb
  pusher-client
  rake
